GEM
  remote: https://rubygems.org/
  specs:
    activesupport (6.0.3.1)
      concurrent-ruby (~> 1.0, >= 1.0.2)
      i18n (>= 0.7, < 2)
      minitest (~> 5.1)
      tzinfo (~> 1.1)
      zeitwerk (~> 2.2, >= 2.2.2)
    atk_toolbox (0.0.146)
      tty-prompt (~> 0.19.0, >= 0.19.0)
    childprocess (1.0.1)
      rake (< 13.0)
    concurrent-ruby (1.1.6)
    equatable (0.6.1)
    i18n (1.8.2)
      concurrent-ruby (~> 1.0)
    mini_portile2 (2.8.0)
    minitest (5.14.1)
    necromancer (0.5.1)
    nokogiri (1.13.5)
      mini_portile2 (~> 2.8.0)
      racc (~> 1.4)
    nokogiri (1.13.5-x64-mingw32)
      racc (~> 1.4)
    pastel (0.7.4)
      equatable (~> 0.6)
      tty-color (~> 0.5)
    racc (1.6.0)
    rake (12.3.3)
    ruby2_keywords (0.0.2)
    rubyzip (1.3.0)
    selenium-webdriver (3.142.3)
      childprocess (>= 0.5, < 2.0)
      rubyzip (~> 1.2, >= 1.2.2)
    statistics2 (0.54)
    thread_safe (0.3.6)
    tty-color (0.5.1)
    tty-cursor (0.7.1)
    tty-prompt (0.19.0)
      necromancer (~> 0.5.0)
      pastel (~> 0.7.0)
      tty-reader (~> 0.6.0)
    tty-reader (0.6.0)
      tty-cursor (~> 0.7)
      tty-screen (~> 0.7)
      wisper (~> 2.0.0)
    tty-screen (0.8.0)
    tzinfo (1.2.7)
      thread_safe (~> 0.1)
    webdrivers (4.1.2)
      nokogiri (~> 1.6)
      rubyzip (~> 1.0)
      selenium-webdriver (>= 3.0, < 4.0)
    wisper (2.0.1)
    zeitwerk (2.3.0)
    zlib (1.0.0)

PLATFORMS
  ruby
  x64-mingw32

DEPENDENCIES
  activesupport (= 6.0.3.1)
  atk_toolbox (= 0.0.146)
  nokogiri (= 1.13.5)
  ruby2_keywords (= 0.0.2)
  selenium-webdriver (= 3.142.3)
  statistics2 (= 0.54)
  webdrivers (= 4.1.2)
  zlib (= 1.0.0)

BUNDLED WITH
   2.1.4
